GEM
  specs:
    bourbon (4.3.4)
      sass (~> 3.4)
      thor (~> 0.19)
    sass (3.4.24)
    thor (0.19.1)

PLATFORMS
  ruby

DEPENDENCIES
  bourbon
  sass

BUNDLED WITH
   1.15.1
